GEM
  remote: https://rubygems.org/
  specs:
    addressable (2.8.0)
      public_suffix (>= 2.0.2, < 5.0)
    async (2.0.0)
      console (~> 1.10)
      io-event (~> 1.0.0)
      timers (~> 4.1)
    async-container (0.16.12)
      async
      async-io
    async-http (0.56.5)
      async (>= 1.25)
      async-io (>= 1.28)
      async-pool (>= 0.2)
      protocol-http (~> 0.22.0)
      protocol-http1 (~> 0.14.0)
      protocol-http2 (~> 0.14.0)
    async-http-cache (0.4.2)
      async-http (~> 0.56)
    async-io (1.33.0)
      async
    async-pool (0.3.9)
      async (>= 1.25)
    async-websocket (0.19.0)
      async-http (~> 0.54)
      async-io (~> 1.23)
      protocol-websocket (~> 0.7.0)
    base58 (0.2.3)
    build-environment (1.13.0)
    console (1.15.0)
      fiber-local
    debug (1.5.0)
      irb (>= 1.3.6)
      reline (>= 0.2.7)
    domain_name (0.5.20190701)
      unf (>= 0.0.5, < 1.0.0)
    dotenv (2.7.6)
    falcon (0.39.2)
      async
      async-container (~> 0.16.0)
      async-http (~> 0.56.0)
      async-http-cache (~> 0.4.0)
      async-io (~> 1.22)
      build-environment (~> 1.13)
      bundler
      localhost (~> 1.1)
      process-metrics (~> 0.2.0)
      rack (>= 1.0)
      samovar (~> 2.1)
    ffi (1.15.5)
    ffi-compiler (1.0.1)
      ffi (>= 1.0.0)
      rake
    fiber-local (1.0.0)
    http (5.0.4)
      addressable (~> 2.8)
      http-cookie (~> 1.0)
      http-form_data (~> 2.2)
      llhttp-ffi (~> 0.4.0)
    http-cookie (1.0.4)
      domain_name (~> 0.5)
    http-form_data (2.3.0)
    io-console (0.5.11)
    io-event (1.0.5)
    irb (1.4.1)
      reline (>= 0.3.0)
    jwt (2.3.0)
    llhttp-ffi (0.4.0)
      ffi-compiler (~> 1.0)
      rake (~> 13.0)
    localhost (1.1.9)
    mapping (1.1.1)
    minitest (5.15.0)
    minitest-bang (1.0.4)
      minitest (>= 4.7.5)
    minitest-focus (1.3.1)
      minitest (>= 4, < 6)
    minitest-hooks (1.5.0)
      minitest (> 5.3)
    minitest-rg (5.2.0)
      minitest (~> 5.0)
    oj (3.13.11)
    openssl (3.0.0)
    process-metrics (0.2.1)
      console (~> 1.8)
      samovar (~> 2.1)
    protocol-hpack (1.4.2)
    protocol-http (0.22.5)
    protocol-http1 (0.14.2)
      protocol-http (~> 0.22)
    protocol-http2 (0.14.2)
      protocol-hpack (~> 1.4)
      protocol-http (~> 0.18)
    protocol-websocket (0.7.5)
      protocol-http (~> 0.2)
      protocol-http1 (~> 0.2)
    public_suffix (4.0.6)
    rack (2.2.3)
    rack-cors (1.1.1)
      rack (>= 2.0.0)
    rack-test (1.1.0)
      rack (>= 1.0, < 3)
    rake (13.0.6)
    reline (0.3.1)
      io-console (~> 0.5)
    roda (3.54.0)
      rack
    samovar (2.1.4)
      console (~> 1.0)
      mapping (~> 1.0)
    sequel (5.55.0)
    spy (1.0.2)
    sqlite3 (1.4.2)
    timers (4.3.3)
    toys (0.13.1)
      toys-core (= 0.13.1)
    toys-core (0.13.1)
    ulid (1.3.0)
    unf (0.1.4)
      unf_ext
    unf_ext (0.0.8.1)

PLATFORMS
  x86_64-darwin-21

DEPENDENCIES
  async
  async-io
  async-websocket
  base58
  debug
  dotenv
  falcon
  http
  jwt
  minitest
  minitest-bang
  minitest-focus
  minitest-hooks
  minitest-rg
  oj
  openssl (~> 3)
  rack-cors
  rack-test
  roda
  sequel
  spy
  sqlite3
  toys
  ulid

RUBY VERSION
   ruby 3.1.0p0

BUNDLED WITH
   2.3.3
